GEM
  remote: https://rubygems.org/
  specs:
    mini_portile (0.6.1)
    mysql2 (0.3.11)
    nokogiri (1.6.5)
      mini_portile (~> 0.6.0)

PLATFORMS
  ruby

DEPENDENCIES
  mysql2
  nokogiri
